GEM
  remote: https://rubygems.org/
  specs:
    docile (1.4.0)
    metaclass (0.0.4)
    mocha (1.1.0)
      metaclass (~> 0.0.1)
    power_assert (0.3.0)
    rack (1.6.4)
    shoulda (2.11.3)
    simplecov (0.20.0)
      docile (~> 1.1)
      simplecov-html (~> 0.11)
      simplecov_json_formatter (~> 0.1)
    simplecov-html (0.12.3)
    simplecov_json_formatter (0.1.4)
    test-unit (3.2.1)
      power_assert

PLATFORMS
  java
  ruby

DEPENDENCIES
  mocha (~> 1.1.0)
  rack (< 2.0)
  shoulda (~> 2.11.3)
  simplecov (~> 0.20.0)
  test-unit (~> 3.2.0)

BUNDLED WITH
   1.17.3
