GEM
  remote: https://rubygems.org/
  specs:
    metaclass (0.0.4)
    mocha (1.1.0)
      metaclass (~> 0.0.1)
    power_assert (0.3.0)
    rack (1.6.4)
    shoulda (2.11.3)
    test-unit (3.2.1)
      power_assert

PLATFORMS
  java
  ruby

DEPENDENCIES
  mocha (~> 1.1.0)
  rack (< 2.0)
  shoulda (~> 2.11.3)
  test-unit (~> 3.2.0)

BUNDLED WITH
   1.17.3
